GEM
  remote: https://rubygems.org/
  specs:
    cabin (0.9.0)
    coderay (1.1.1)
    elasticsearch (5.0.1)
      elasticsearch-api (= 5.0.1)
      elasticsearch-transport (= 5.0.1)
    elasticsearch-api (5.0.1)
      multi_json
    elasticsearch-transport (5.0.1)
      faraday
      multi_json
    faraday (0.11.0)
      multipart-post (>= 1.2, < 3)
    jls-grok (0.11.4)
      cabin (>= 0.6.0)
    method_source (0.8.2)
    multi_json (1.12.1)
    multipart-post (2.0.0)
    network_interface (0.0.1)
    packetfu (1.1.11)
      network_interface (~> 0.0)
      pcaprub (~> 0.12)
    pcaprub (0.12.4)
    pry (0.10.4)
      coderay (~> 1.1.0)
      method_source (~> 0.8.1)
      slop (~> 3.4)
    pry-doc (0.10.0)
      pry (~> 0.9)
      yard (~> 0.9)
    slop (3.6.0)
    snort-rule (1.5.5)
    yard (0.9.8)

PLATFORMS
  ruby

DEPENDENCIES
  elasticsearch
  jls-grok
  packetfu
  pry
  pry-doc
  snort-rule

BUNDLED WITH
   1.14.1
